PATH
  remote: .
  specs:
    nginx-server (0.0.1)
      puma
      suppress_output

GEM
  remote: https://rubygems.org/
  specs:
    hobby (0.1.2)
      rack
    puma (3.11.4)
    rack (2.0.5)
    suppress_output (0.0.1)

PLATFORMS
  ruby

DEPENDENCIES
  hobby
  nginx-server!

BUNDLED WITH
   1.16.1
